GEM
  remote: https://rubygems.org/
  specs:
    hashie (3.4.0)
    omniauth (1.2.2)
      hashie (>= 1.2, < 4)
      rack (~> 1.0)
    omniauth-expressov3 (1.0.6)
      omniauth (~> 1.0)
    rack (1.6.0)

PLATFORMS
  ruby

DEPENDENCIES
  omniauth-expressov3
